GEM
  remote: https://rubygems.org/
  specs:
    addressable (2.7.0)
      public_suffix (>= 2.0.2, < 5.0)
    declarative (0.0.20)
    declarative-option (0.1.0)
    digest-crc (0.6.1)
      rake (~> 13.0)
    faraday (0.17.3)
      multipart-post (>= 1.2, < 3)
    google-api-client (0.32.1)
      addressable (~> 2.5, >= 2.5.1)
      googleauth (>= 0.5, < 0.10.0)
      httpclient (>= 2.8.1, < 3.0)
      mini_mime (~> 1.0)
      representable (~> 3.0)
      retriable (>= 2.0, < 4.0)
      signet (~> 0.10)
    google-cloud-core (1.3.2)
      google-cloud-env (~> 1.0)
    google-cloud-env (1.2.1)
      faraday (~> 0.11)
    google-cloud-storage (1.21.1)
      addressable (~> 2.5)
      digest-crc (~> 0.4)
      google-api-client (~> 0.26)
      google-cloud-core (~> 1.2)
      googleauth (>= 0.6.2, < 0.10.0)
      mini_mime (~> 1.0)
    googleauth (0.9.0)
      faraday (~> 0.12)
      jwt (>= 1.4, < 3.0)
      memoist (~> 0.16)
      multi_json (~> 1.11)
      os (>= 0.9, < 2.0)
      signet (~> 0.7)
    httpclient (2.8.3)
    jwt (2.2.2)
    memoist (0.16.2)
    mini_mime (1.0.2)
    multi_json (1.15.0)
    multipart-post (2.1.1)
    os (1.1.1)
    pdf-core (0.7.0)
    prawn (2.2.2)
      pdf-core (~> 0.7.0)
      ttfunk (~> 1.5)
    prawn-table (0.2.2)
      prawn (>= 1.3.0, < 3.0.0)
    public_suffix (4.0.6)
    rake (13.0.1)
    representable (3.0.4)
      declarative (< 0.1.0)
      declarative-option (< 0.2.0)
      uber (< 0.2.0)
    retriable (3.1.2)
    signet (0.11.0)
      addressable (~> 2.3)
      faraday (~> 0.9)
      jwt (>= 1.5, < 3.0)
      multi_json (~> 1.10)
    ttfunk (1.5.1)
    uber (0.1.0)

PLATFORMS
  ruby

DEPENDENCIES
  google-cloud-storage
  prawn
  prawn-table

BUNDLED WITH
   2.4.19
